GEM
  remote: http://rubygems.org/
  specs:
    actionmailer (2.3.8)
      actionpack (= 2.3.8)
    actionpack (2.3.8)
      activesupport (= 2.3.8)
      rack (~> 1.1.0)
    activerecord (2.3.8)
      activesupport (= 2.3.8)
    activeresource (2.3.8)
      activesupport (= 2.3.8)
    activesupport (2.3.8)
    ar-extensions (0.9.5)
      activerecord (~> 2.1)
    declarative_authorization (0.5.5)
    enumerated_attribute (0.2.16)
      meta_programming (>= 0.2.1)
    i18n (0.6.0)
    jrails (0.6.0)
    meta_programming (0.2.2)
    mysql (2.8.1)
    rack (1.1.3)
    rails (2.3.8)
      actionmailer (= 2.3.8)
      actionpack (= 2.3.8)
      activerecord (= 2.3.8)
      activeresource (= 2.3.8)
      activesupport (= 2.3.8)
      rake (>= 0.8.3)
    rake (0.8.7)
    redis (2.2.2)
    redis-store (1.0.0.1)
      redis (~> 2.2.1)
    will_paginate (2.3.16)

PLATFORMS
  ruby

DEPENDENCIES
  ar-extensions
  declarative_authorization
  enumerated_attribute
  i18n
  jrails
  meta_programming
  mysql
  rails (= 2.3.8)
  rake (= 0.8.7)
  redis
  redis-store
  will_paginate (~> 2.3.16)
